GEM
  remote: https://rubygems.org/
  specs:
    march_hare (2.5.1-java)
    puma (2.9.1-java)
      rack (>= 1.1, < 2.0)
    rack (1.5.2)
    rack-protection (1.5.3)
      rack
    sinatra (1.4.5)
      rack (~> 1.4)
      rack-protection (~> 1.4)
      tilt (~> 1.3, >= 1.3.4)
    slim (2.0.3)
      temple (~> 0.6.6)
      tilt (>= 1.3.3, < 2.1)
    temple (0.6.8)
    tilt (1.4.1)

PLATFORMS
  java

DEPENDENCIES
  march_hare (~> 2.5.1)
  puma (~> 2.9.1)
  sinatra (~> 1.4.5)
  slim (~> 2.0.3)
